GIT
  remote: git://github.com/HouseTrip/spec_requirer.git
  revision: 49daa8f282136de826db4d856bea5e7db2588a80
  tag: v0.0.1
  specs:
    spec_requirer (0.0.1)

GEM
  remote: https://rubygems.org/
  specs:
    byebug (9.0.6)
    diff-lcs (1.3)
    rspec (3.5.0)
      rspec-core (~> 3.5.0)
      rspec-expectations (~> 3.5.0)
      rspec-mocks (~> 3.5.0)
    rspec-core (3.5.4)
      rspec-support (~> 3.5.0)
    rspec-expectations (3.5.0)
      diff-lcs (>= 1.2.0, < 2.0)
      rspec-support (~> 3.5.0)
    rspec-mocks (3.5.0)
      diff-lcs (>= 1.2.0, < 2.0)
      rspec-support (~> 3.5.0)
    rspec-support (3.5.0)

PLATFORMS
  ruby

DEPENDENCIES
  byebug
  rspec
  spec_requirer!

BUNDLED WITH
   1.14.6
